PATH
  remote: .
  specs:
    poieticgen (0.8.0.dev)
      async_sinatra
      compass
      dm-aggregates
      dm-constraints
      dm-migrations
      dm-mysql-adapter
      dm-transactions
      dm-types
      extlib
      foreman
      haml
      inifile
      json
      net-ssh (< 3.0)
      oily_png
      rdebug
      rufus-scheduler
      sass
      sinatra
      sinatra-flash
      thor
      unicorn

GEM
  remote: https://rubygems.org/
  specs:
    addressable (2.4.0)
    async_sinatra (1.2.0)
      rack (>= 1.4.1)
      sinatra (>= 1.3.2)
    bcrypt (3.1.10)
    bcrypt-ruby (3.1.5)
      bcrypt (>= 3.1.3)
    chunky_png (1.3.5)
    coderay (1.1.0)
    compass (1.0.3)
      chunky_png (~> 1.2)
      compass-core (~> 1.0.2)
      compass-import-once (~> 1.0.5)
      rb-fsevent (>= 0.9.3)
      rb-inotify (>= 0.9)
      sass (>= 3.3.13, < 3.5)
    compass-core (1.0.3)
      multi_json (~> 1.0)
      sass (>= 3.3.0, < 3.5)
    compass-import-once (1.0.5)
      sass (>= 3.2, < 3.5)
    data_objects (0.10.16)
      addressable (~> 2.1)
    dm-aggregates (1.2.0)
      dm-core (~> 1.2.0)
    dm-constraints (1.2.0)
      dm-core (~> 1.2.0)
    dm-core (1.2.1)
      addressable (~> 2.3)
    dm-do-adapter (1.2.0)
      data_objects (~> 0.10.6)
      dm-core (~> 1.2.0)
    dm-migrations (1.2.0)
      dm-core (~> 1.2.0)
    dm-mysql-adapter (1.2.0)
      dm-do-adapter (~> 1.2.0)
      do_mysql (~> 0.10.6)
    dm-transactions (1.2.0)
      dm-core (~> 1.2.0)
    dm-types (1.2.2)
      bcrypt-ruby (~> 3.0)
      dm-core (~> 1.2.0)
      fastercsv (~> 1.5)
      json (~> 1.6)
      multi_json (~> 1.0)
      stringex (~> 1.4)
      uuidtools (~> 2.1)
    do_mysql (0.10.16)
      data_objects (= 0.10.16)
    extlib (0.9.16)
    fastercsv (1.5.5)
    ffi (1.9.10)
    foreman (0.78.0)
      thor (~> 0.19.1)
    haml (4.0.7)
      tilt
    inifile (3.0.0)
    json (1.8.3)
    kgio (2.10.0)
    method_source (0.8.2)
    minitest (5.8.3)
    multi_json (1.11.2)
    net-ssh (2.9.2)
    oily_png (1.2.0)
      chunky_png (~> 1.3.1)
    pry (0.10.3)
      coderay (~> 1.1.0)
      method_source (~> 0.8.1)
      slop (~> 3.4)
    rack (1.6.4)
    rack-protection (1.5.3)
      rack
    raindrops (0.15.0)
    rake (10.4.2)
    rb-fsevent (0.9.6)
    rb-inotify (0.9.5)
      ffi (>= 0.5.0)
    rb-readline (0.5.3)
    rdebug (0.1)
    ruby-prof (0.15.8)
    rufus-scheduler (3.1.10)
    sass (3.4.19)
    sinatra (1.4.6)
      rack (~> 1.4)
      rack-protection (~> 1.4)
      tilt (>= 1.3, < 3)
    sinatra-flash (0.3.0)
      sinatra (>= 1.0.0)
    slop (3.6.0)
    stringex (1.5.1)
    thor (0.19.1)
    tilt (2.0.1)
    unicorn (5.0.1)
      kgio (~> 2.6)
      rack
      raindrops (~> 0.7)
    uuidtools (2.1.5)

PLATFORMS
  ruby

DEPENDENCIES
  bundler (~> 1.5)
  minitest
  poieticgen!
  pry
  rake
  rb-readline
  ruby-prof

BUNDLED WITH
   1.10.6
