PATH
  remote: .
  specs:
    poieticgen (0.8.0.dev)

GEM
  remote: https://rubygems.org/
  specs:
    activesupport (4.2.11.3)
      i18n (~> 0.7)
      minitest (~> 5.1)
      thread_safe (~> 0.3, >= 0.3.4)
      tzinfo (~> 1.1)
    addressable (2.7.0)
      public_suffix (>= 2.0.2, < 5.0)
    async_sinatra (1.3.0)
      rack (>= 2.0.0)
      sinatra (>= 1.4.8)
    backports (3.20.1)
    bcrypt (3.1.16)
    bcrypt-ruby (3.1.5)
      bcrypt (>= 3.1.3)
    chunky_png (1.3.15)
    coderay (1.1.3)
    concurrent-ruby (1.1.8)
    daemons (1.3.1)
    data_objects (0.10.17)
      addressable (~> 2.1)
    dm-aggregates (1.2.0)
      dm-core (~> 1.2.0)
    dm-constraints (1.2.0)
      dm-core (~> 1.2.0)
    dm-core (1.2.1)
      addressable (~> 2.3)
    dm-do-adapter (1.2.0)
      data_objects (~> 0.10.6)
      dm-core (~> 1.2.0)
    dm-migrations (1.2.0)
      dm-core (~> 1.2.0)
    dm-postgres-adapter (1.2.0)
      dm-do-adapter (~> 1.2.0)
      do_postgres (~> 0.10.6)
    dm-transactions (1.2.0)
      dm-core (~> 1.2.0)
    dm-types (1.2.2)
      bcrypt-ruby (~> 3.0)
      dm-core (~> 1.2.0)
      fastercsv (~> 1.5)
      json (~> 1.6)
      multi_json (~> 1.0)
      stringex (~> 1.4)
      uuidtools (~> 2.1)
    dm-validations (1.2.0)
      dm-core (~> 1.2.0)
    do_postgres (0.10.17)
      data_objects (= 0.10.17)
    et-orbi (1.2.4)
      tzinfo
    eventmachine (1.2.7)
    extlib (0.9.16)
    fastercsv (1.5.5)
    ffi (1.14.2)
    foreman (0.87.2)
    fugit (1.4.2)
      et-orbi (~> 1.1, >= 1.1.8)
      raabro (~> 1.4)
    i18n (0.9.5)
      concurrent-ruby (~> 1.0)
    inifile (3.0.0)
    iso8601 (0.13.0)
    json (1.8.6)
    method_source (1.0.0)
    minitest (5.14.3)
    multi_json (1.15.0)
    mustermann (1.1.1)
      ruby2_keywords (~> 0.0.1)
    oily_png (1.2.1)
      chunky_png (~> 1.3.7)
    pry (0.13.1)
      coderay (~> 1.1)
      method_source (~> 1.0)
    public_suffix (4.0.6)
    raabro (1.4.0)
    rack (2.2.3)
    rack-protection (2.1.0)
      rack
    rake (13.0.3)
    rb-readline (0.5.5)
    rdebug (0.1)
    rdiscount (2.2.0.2)
    ruby-duration (3.2.3)
      activesupport (>= 3.0.0)
      i18n
      iso8601
    ruby-prof (1.4.2)
    ruby2_keywords (0.0.4)
    rufus-scheduler (3.7.0)
      fugit (~> 1.1, >= 1.1.6)
    sinatra (2.1.0)
      mustermann (~> 1.0)
      rack (~> 2.2)
      rack-protection (= 2.1.0)
      tilt (~> 2.0)
    sinatra-contrib (2.1.0)
      multi_json
      mustermann (~> 1.0)
      rack-protection (= 2.1.0)
      sinatra (= 2.1.0)
      tilt (~> 2.0)
    stringex (1.5.1)
    thin (1.8.0)
      daemons (~> 1.0, >= 1.0.9)
      eventmachine (~> 1.0, >= 1.0.4)
      rack (>= 1, < 3)
    thor (1.1.0)
    thread_safe (0.3.6)
    tilt (2.0.10)
    tzinfo (1.2.9)
      thread_safe (~> 0.1)
    uuidtools (2.2.0)

PLATFORMS
  x86_64-linux

DEPENDENCIES
  activesupport (~> 4.2.6)
  async_sinatra
  backports
  bundler
  chunky_png
  dm-aggregates
  dm-constraints
  dm-migrations
  dm-postgres-adapter
  dm-transactions
  dm-types (~> 1.2.2)
  dm-validations
  extlib
  ffi (>= 1.9.24)
  foreman
  inifile
  json
  minitest
  oily_png
  poieticgen!
  pry
  rack (>= 2.1.4)
  rack-protection (>= 1.5.5)
  rake (>= 12.3.3)
  rb-readline
  rdebug
  rdiscount
  ruby-duration
  ruby-prof
  rufus-scheduler
  sinatra
  sinatra-contrib
  thin
  thor

BUNDLED WITH
   2.2.6
